PATH
  remote: .
  specs:
    pusher-fake (0.1.0)
      em-websocket (= 0.3.6)
      ruby-hmac (= 0.4.0)
      thin (= 1.3.1)
      yajl-ruby (= 1.1.0)

GEM
  remote: http://rubygems.org/
  specs:
    addressable (2.2.6)
    bourne (1.0)
      mocha (= 0.9.8)
    builder (3.0.0)
    capybara (1.1.2)
      mime-types (>= 1.16)
      nokogiri (>= 1.3.3)
      rack (>= 1.0.0)
      rack-test (>= 0.5.4)
      selenium-webdriver (~> 2.0)
      xpath (~> 0.1.4)
    capybara-webkit (0.8.0)
      capybara (>= 1.0.0, < 1.2)
      json
    childprocess (0.3.0)
      ffi (~> 1.0.6)
    cucumber (1.1.4)
      builder (>= 2.1.2)
      diff-lcs (>= 1.1.2)
      gherkin (~> 2.7.1)
      json (>= 1.4.6)
      term-ansicolor (>= 1.0.6)
    daemons (1.1.6)
    diff-lcs (1.1.3)
    em-websocket (0.3.6)
      addressable (>= 2.1.1)
      eventmachine (>= 0.12.9)
    eventmachine (0.12.10)
    ffi (1.0.11)
    gherkin (2.7.6)
      json (>= 1.4.6)
    json (1.6.5)
    mime-types (1.17.2)
    mocha (0.9.8)
      rake
    multi_json (1.0.4)
    nokogiri (1.5.0)
    pusher (0.9.1)
      multi_json (~> 1.0)
      ruby-hmac (~> 0.4.0)
      signature (~> 0.1.2)
    rack (1.4.1)
    rack-protection (1.2.0)
      rack
    rack-test (0.6.1)
      rack (>= 1.0)
    rake (0.9.2.2)
    redcarpet (2.1.0)
    rspec (2.8.0)
      rspec-core (~> 2.8.0)
      rspec-expectations (~> 2.8.0)
      rspec-mocks (~> 2.8.0)
    rspec-core (2.8.0)
    rspec-expectations (2.8.0)
      diff-lcs (~> 1.1.2)
    rspec-mocks (2.8.0)
    ruby-hmac (0.4.0)
    rubyzip (0.9.5)
    selenium-webdriver (2.17.0)
      childprocess (>= 0.2.5)
      ffi (~> 1.0.9)
      multi_json (~> 1.0.4)
      rubyzip
    signature (0.1.2)
      ruby-hmac
    sinatra (1.3.2)
      rack (~> 1.3, >= 1.3.6)
      rack-protection (~> 1.2)
      tilt (~> 1.3, >= 1.3.3)
    term-ansicolor (1.0.7)
    thin (1.3.1)
      daemons (>= 1.0.9)
      eventmachine (>= 0.12.6)
      rack (>= 1.0.0)
    tilt (1.3.3)
    xpath (0.1.4)
      nokogiri (~> 1.3)
    yajl-ruby (1.1.0)
    yard (0.7.4)

PLATFORMS
  ruby

DEPENDENCIES
  bourne (= 1.0.0)
  bundler (= 1.1.rc.7)
  capybara (= 1.1.2)
  capybara-webkit (= 0.8.0)
  cucumber (= 1.1.4)
  pusher (= 0.9.1)
  pusher-fake!
  redcarpet (= 2.1.0)
  rspec (= 2.8.0)
  sinatra (= 1.3.2)
  yard (= 0.7.4)
